PATH
  remote: .
  specs:
    codebreaker (0.1.0)

GEM
  remote: https://rubygems.org/
  specs:
    ast (2.4.2)
    colorize (0.8.1)
    diff-lcs (1.4.4)
    docile (1.4.0)
    fasterer (0.8.3)
      colorize (~> 0.7)
      ruby_parser (>= 3.14.1)
    parallel (1.20.1)
    parser (3.0.1.1)
      ast (~> 2.4.1)
    rainbow (3.0.0)
    rake (13.0.5)
    regexp_parser (2.1.1)
    rexml (3.2.5)
    rspec (3.10.0)
      rspec-core (~> 3.10.0)
      rspec-expectations (~> 3.10.0)
      rspec-mocks (~> 3.10.0)
    rspec-core (3.10.1)
      rspec-support (~> 3.10.0)
    rspec-expectations (3.10.1)
      diff-lcs (>= 1.2.0, < 2.0)
      rspec-support (~> 3.10.0)
    rspec-mocks (3.10.2)
      diff-lcs (>= 1.2.0, < 2.0)
      rspec-support (~> 3.10.0)
    rspec-support (3.10.2)
    rubocop (1.18.3)
      parallel (~> 1.10)
      parser (>= 3.0.0.0)
      rainbow (>= 2.2.2, < 4.0)
      regexp_parser (>= 1.8, < 3.0)
      rexml
      rubocop-ast (>= 1.7.0, < 2.0)
      ruby-progressbar (~> 1.7)
      unicode-display_width (>= 1.4.0, < 3.0)
    rubocop-ast (1.7.0)
      parser (>= 3.0.1.1)
    ruby-progressbar (1.11.0)
    ruby_parser (3.16.0)
      sexp_processor (~> 4.15, >= 4.15.1)
    sexp_processor (4.15.3)
    simplecov (0.21.2)
      docile (~> 1.1)
      simplecov-html (~> 0.11)
      simplecov_json_formatter (~> 0.1)
    simplecov-html (0.12.3)
    simplecov_json_formatter (0.1.3)
    unicode-display_width (2.0.0)

PLATFORMS
  ruby
  x86_64-linux

DEPENDENCIES
  codebreaker!
  fasterer (~> 0.8.3)
  rake (~> 13.0)
  rspec
  rubocop (~> 1.7)
  simplecov

BUNDLED WITH
   2.2.22
